PATH
  remote: .
  specs:
    novaposhta (0.0.0)
      nokogiri (~> 1.5.6)

GEM
  remote: https://rubygems.org/
  specs:
    diff-lcs (1.1.3)
    nokogiri (1.5.6)
    rspec (2.11.0)
      rspec-core (~> 2.11.0)
      rspec-expectations (~> 2.11.0)
      rspec-mocks (~> 2.11.0)
    rspec-core (2.11.1)
    rspec-expectations (2.11.3)
      diff-lcs (~> 1.1.3)
    rspec-mocks (2.11.3)

PLATFORMS
  ruby

DEPENDENCIES
  novaposhta!
  rspec (~> 2.11.0)
